PATH
  remote: .
  specs:
    i18n-js (0.1.6)
      i18n

GEM
  remote: http://rubygems.org/
  specs:
    activesupport (3.0.1)
    archive-tar-minitar (0.5.2)
    columnize (0.3.1)
    diff-lcs (1.1.2)
    fakeweb (1.3.0)
    i18n (0.4.1)
    linecache19 (0.5.11)
      ruby_core_source (>= 0.1.4)
    rspec (2.0.0)
      rspec-core (= 2.0.0)
      rspec-expectations (= 2.0.0)
      rspec-mocks (= 2.0.0)
    rspec-core (2.0.0)
    rspec-expectations (2.0.0)
      diff-lcs (>= 1.1.2)
    rspec-mocks (2.0.0)
      rspec-core (= 2.0.0)
      rspec-expectations (= 2.0.0)
    ruby-debug-base19 (0.11.24)
      columnize (>= 0.3.1)
      linecache19 (>= 0.5.11)
      ruby_core_source (>= 0.1.4)
    ruby-debug19 (0.11.6)
      columnize (>= 0.3.1)
      linecache19 (>= 0.5.11)
      ruby-debug-base19 (>= 0.11.19)
    ruby_core_source (0.1.4)
      archive-tar-minitar (>= 0.5.2)

PLATFORMS
  ruby

DEPENDENCIES
  activesupport (>= 3.0.0)
  fakeweb
  i18n
  i18n-js!
  rspec (>= 2.0.0)
  ruby-debug19
