PATH
  remote: .
  specs:
    i18n-js (2.0.1)
      i18n

GEM
  remote: http://rubygems.org/
  specs:
    activesupport (3.0.9)
    coderay (0.9.8)
    diff-lcs (1.1.2)
    fakeweb (1.3.0)
    i18n (0.6.0)
    method_source (0.6.6)
      ruby_parser (~> 2.0.5)
    notifier (0.1.3)
    pry (0.9.6.2)
      coderay (~> 0.9.8)
      method_source (~> 0.6.5)
      ruby_parser (~> 2.0.5)
      slop (~> 2.1.0)
    rake (0.8.7)
    rspec (2.6.0)
      rspec-core (~> 2.6.0)
      rspec-expectations (~> 2.6.0)
      rspec-mocks (~> 2.6.0)
    rspec-core (2.6.4)
    rspec-expectations (2.6.0)
      diff-lcs (~> 1.1.2)
    rspec-mocks (2.6.0)
    ruby_parser (2.0.6)
      sexp_processor (~> 3.0)
    sexp_processor (3.0.7)
    slop (2.1.0)
    spec-js (0.1.0.beta.3)
      notifier

PLATFORMS
  ruby

DEPENDENCIES
  activesupport (>= 3.0.0)
  fakeweb
  i18n-js!
  pry
  rake
  rspec (~> 2.6)
  spec-js (~> 0.1.0.beta.0)
